GEM
  remote: http://rubygems.org/
  specs:
    adsf (1.1.1)
      rack (>= 1.0.0)
    coderay (1.0.7)
    colored (1.2)
    cri (2.3.0)
      colored (>= 1.2)
    kramdown (0.13.7)
    mime-types (1.19)
    nanoc (3.1.9)
      nanoc3 (>= 3.1.9)
    nanoc3 (3.2.4)
      cri (~> 2.0)
    nokogiri (1.4.7)
    pygmentize (0.0.3)
    rack (1.4.1)
    rake (0.9.2.2)
    systemu (2.5.2)
    yajl-ruby (0.8.3)

PLATFORMS
  ruby

DEPENDENCIES
  adsf
  coderay
  kramdown (~> 0.13.2)
  mime-types (~> 1.16)
  nanoc (~> 3.1.6)
  nokogiri (~> 1.4.4)
  pygmentize (~> 0.0.3)
  rake (~> 0.9.2)
  systemu
  yajl-ruby (~> 0.8.2)
